GEM
  remote: https://rubygems.org/
  specs:
    victor (0.2.8)

PLATFORMS
  ruby

DEPENDENCIES
  victor

BUNDLED WITH
   1.17.2
